GEM
  remote: http://rubygems.org/
  specs:
    diff-lcs (1.1.2)
    ffmpeg (0.2.5)
    ffmpeg-ruby (0.1.3)
    infinity_test (1.0.2)
      notifiers (>= 1.1.0)
      watchr (>= 0.7)
    notifiers (1.1.0)
    rspec (2.0.1)
      rspec-core (~> 2.0.1)
      rspec-expectations (~> 2.0.1)
      rspec-mocks (~> 2.0.1)
    rspec-core (2.0.1)
    rspec-expectations (2.0.1)
      diff-lcs (>= 1.1.2)
    rspec-mocks (2.0.1)
      rspec-core (~> 2.0.1)
      rspec-expectations (~> 2.0.1)
    watchr (0.7)

PLATFORMS
  ruby

DEPENDENCIES
  ffmpeg
  ffmpeg-ruby
  infinity_test
  rspec
