GEM
  remote: http://rubygems.org/
  specs:
    diff-lcs (1.1.2)
    ffmpeg (0.2.5)
    ffmpeg-ruby (0.1.3)
    rspec (2.0.1)
      rspec-core (~> 2.0.1)
      rspec-expectations (~> 2.0.1)
      rspec-mocks (~> 2.0.1)
    rspec-core (2.0.1)
    rspec-expectations (2.0.1)
      diff-lcs (>= 1.1.2)
    rspec-mocks (2.0.1)
      rspec-core (~> 2.0.1)
      rspec-expectations (~> 2.0.1)

PLATFORMS
  ruby

DEPENDENCIES
  ffmpeg
  ffmpeg-ruby
  rspec
